GEM
  specs:
    rails_12factor (0.0.3)
      rails_serve_static_assets
      rails_stdout_logging
    rails_serve_static_assets (0.0.5)
    rails_stdout_logging (0.0.5)

PLATFORMS
  ruby

DEPENDENCIES
  rails_12factor

BUNDLED WITH
   1.11.2
